GEM
  remote: https://rubygems.org/
  specs:
    fastimage (2.1.7)

PLATFORMS
  ruby

DEPENDENCIES
  fastimage

BUNDLED WITH
   2.0.1
